PATH
  remote: .
  specs:
    ath_vega (0.1.0)
      awesome_print
      json
      net-http
      nokogiri
      uri

GEM
  remote: https://rubygems.org/
  specs:
    ast (2.4.2)
    awesome_print (1.8.0)
    diff-lcs (1.4.4)
    json (2.5.1)
    net-http (0.1.1)
      net-protocol
      uri
    net-protocol (0.1.0)
    nokogiri (1.11.1-x86_64-darwin)
      racc (~> 1.4)
    parallel (1.20.1)
    parser (3.0.0.0)
      ast (~> 2.4.1)
    racc (1.5.2)
    rainbow (3.0.0)
    rake (13.0.3)
    regexp_parser (2.0.3)
    rexml (3.2.4)
    rspec (2.99.0)
      rspec-core (~> 2.99.0)
      rspec-expectations (~> 2.99.0)
      rspec-mocks (~> 2.99.0)
    rspec-core (2.99.2)
    rspec-expectations (2.99.2)
      diff-lcs (>= 1.1.3, < 2.0)
    rspec-mocks (2.99.4)
    rubocop (1.10.0)
      parallel (~> 1.10)
      parser (>= 3.0.0.0)
      rainbow (>= 2.2.2, < 4.0)
      regexp_parser (>= 1.8, < 3.0)
      rexml
      rubocop-ast (>= 1.2.0, < 2.0)
      ruby-progressbar (~> 1.7)
      unicode-display_width (>= 1.4.0, < 3.0)
    rubocop-ast (1.4.1)
      parser (>= 2.7.1.5)
    ruby-progressbar (1.11.0)
    unicode-display_width (2.0.0)
    uri (0.10.1)

PLATFORMS
  x86_64-darwin-20

DEPENDENCIES
  ath_vega!
  rake (~> 13.0)
  rspec (~> 2.4)
  rubocop (~> 1.7)

BUNDLED WITH
   2.2.9
